GEM
  remote: https://rubygems.org/
  specs:
    bigdecimal (3.1.8)
    mini_portile2 (2.8.7)
    nio4r (2.7.3)
    puma (6.4.2)
      nio4r (~> 2.0)
    rack (3.1.7)
    sequel (5.83.1)
      bigdecimal
    sqlite3 (2.0.4)
      mini_portile2 (~> 2.8.0)
    sqlite3 (2.0.4-arm64-darwin)

PLATFORMS
  arm64-darwin-23
  ruby

DEPENDENCIES
  puma
  rack
  sequel
  sqlite3

BUNDLED WITH
   2.5.17
